GIT
  remote: git://github.com/meh/ruby-tesseract-ocr.git
  revision: 3e303f041f3dba86877e83dfb15a78c928eecac4
  specs:
    tesseract-ocr (0.1.8)
      call-me
      ffi-extra
      ffi-inline
      iso-639

GEM
  remote: https://rubygems.org/
  specs:
    call-me (0.0.2.3)
      refining
    ffi (1.9.10)
    ffi-extra (0.1.0)
      ffi
    ffi-inline (0.0.4.3)
      ffi (>= 0.4.0)
    iso-639 (0.2.5)
    refining (0.0.5.5)
    rmagick (2.15.4)

PLATFORMS
  ruby

DEPENDENCIES
  rmagick
  tesseract-ocr!

BUNDLED WITH
   1.10.6
